PATH
  remote: .
  specs:
    mongoid-rspec (1.3.2)
      mongoid (= 2.0.0.beta.20)
      mongoid-rspec
      rspec (~> 2)

GEM
  specs:
    activemodel (3.0.5)
      activesupport (= 3.0.5)
      builder (~> 2.1.2)
      i18n (~> 0.4)
    activesupport (3.0.5)
    bson (1.2.4)
    builder (2.1.2)
    diff-lcs (1.1.2)
    i18n (0.5.0)
    mongo (1.2.4)
      bson (>= 1.2.4)
    mongoid (2.0.0.beta.20)
      activemodel (~> 3.0)
      mongo (~> 1.1)
      tzinfo (~> 0.3.22)
      will_paginate (~> 3.0.pre)
    rspec (2.5.0)
      rspec-core (~> 2.5.0)
      rspec-expectations (~> 2.5.0)
      rspec-mocks (~> 2.5.0)
    rspec-core (2.5.1)
    rspec-expectations (2.5.0)
      diff-lcs (~> 1.1.2)
    rspec-mocks (2.5.0)
    tzinfo (0.3.24)
    will_paginate (3.0.pre2)

PLATFORMS
  ruby

DEPENDENCIES
  mongoid-rspec!
